GEM
  remote: http://rubygems.org/
  specs:
    bson (1.8.6)
    bson_ext (1.8.6)
      bson (~> 1.8.6)
    mongo (1.8.6)
      bson (~> 1.8.6)
    mysql2 (0.3.11)
    net-ssh (2.6.7)
    net-ssh-gateway (1.2.0)
      net-ssh (>= 2.6.5)

PLATFORMS
  ruby

DEPENDENCIES
  bson_ext
  mongo
  mysql2
  net-ssh-gateway
